PATH
  remote: .
  specs:
    terminal-html (0.0.1)
      htmlentities (~> 4.3.3)

GEM
  remote: https://rubygems.org/
  specs:
    benchmark-ips (2.1.1)
    diff-lcs (1.2.5)
    hirb (0.7.3)
    htmlentities (4.3.4)
    memory_profiler (0.0.4)
    method_profiler (2.0.1)
      hirb (>= 0.6.0)
    rake (10.4.2)
    rspec (3.2.0)
      rspec-core (~> 3.2.0)
      rspec-expectations (~> 3.2.0)
      rspec-mocks (~> 3.2.0)
    rspec-core (3.2.0)
      rspec-support (~> 3.2.0)
    rspec-expectations (3.2.0)
      diff-lcs (>= 1.2.0, < 2.0)
      rspec-support (~> 3.2.0)
    rspec-mocks (3.2.0)
      diff-lcs (>= 1.2.0, < 2.0)
      rspec-support (~> 3.2.0)
    rspec-support (3.2.1)

PLATFORMS
  ruby

DEPENDENCIES
  benchmark-ips
  bundler (~> 1.6)
  memory_profiler
  method_profiler
  rake
  rspec
  terminal-html!

BUNDLED WITH
   1.10.6
